GEM
  remote: https://rubygems.org/
  remote: http://gems.numerexfast.com:8808/
  specs:
    json (1.5.5)
    rack (1.5.2)
    rack-protection (1.5.1)
      rack
    sinatra (1.4.4)
      rack (~> 1.4)
      rack-protection (~> 1.4)
      tilt (~> 1.3, >= 1.3.4)
    tilt (1.4.1)

PLATFORMS
  ruby

DEPENDENCIES
  json
  sinatra (= 1.4.4)
